GEM
  remote: https://rubygems.org/
  specs:
    aws-sdk (2.2.8)
      aws-sdk-resources (= 2.2.8)
    aws-sdk-core (2.2.8)
      jmespath (~> 1.0)
    aws-sdk-resources (2.2.8)
      aws-sdk-core (= 2.2.8)
    dotenv (2.0.2)
    jmespath (1.1.3)
    mime-types (3.0)
      mime-types-data (~> 3.2015)
    mime-types-data (3.2015.1120)

PLATFORMS
  ruby

DEPENDENCIES
  aws-sdk (~> 2.0)
  dotenv (~> 2.0)
  mime-types (~> 3.0)

BUNDLED WITH
   1.10.6
