GEM
  remote: https://rubygems.org/
  specs:
    aws-sdk (1.63.0)
      aws-sdk-v1 (= 1.63.0)
    aws-sdk-v1 (1.63.0)
      json (~> 1.4)
      nokogiri (>= 1.4.4)
    dotenv (2.0.0)
    git (1.2.9.1)
    json (1.8.2)
    mini_portile (0.6.2)
    nokogiri (1.6.6.2)
      mini_portile (~> 0.6.0)

PLATFORMS
  ruby

DEPENDENCIES
  aws-sdk (~> 1.53)
  dotenv (~> 2.0)
  git (~> 1.2)
